GIT
  remote: git://github.com/toshimaru/jekyll-compose.git
  revision: 005b2afe87639fa764265d0f095c71f357190b51
  branch: feature/post-template
  specs:
    jekyll-compose (0.4.1)
      jekyll (>= 3.0.0)

GEM
  remote: https://rubygems.org/
  specs:
    activesupport (4.2.10)
      i18n (~> 0.7)
      minitest (~> 5.1)
      thread_safe (~> 0.3, >= 0.3.4)
      tzinfo (~> 1.1)
    addressable (2.5.2)
      public_suffix (>= 2.0.2, < 4.0)
    coderay (1.1.2)
    coffee-script (2.4.1)
      coffee-script-source
      execjs
    coffee-script-source (1.11.1)
    colorator (1.1.0)
    concurrent-ruby (1.0.5)
    execjs (2.7.0)
    ffi (1.9.18)
    forwardable-extended (2.6.0)
    gemoji (3.0.0)
    html-pipeline (2.7.1)
      activesupport (>= 2)
      nokogiri (>= 1.4)
    i18n (0.9.1)
      concurrent-ruby (~> 1.0)
    jekyll (3.6.2)
      addressable (~> 2.4)
      colorator (~> 1.0)
      jekyll-sass-converter (~> 1.0)
      jekyll-watch (~> 1.1)
      kramdown (~> 1.14)
      liquid (~> 4.0)
      mercenary (~> 0.3.3)
      pathutil (~> 0.9)
      rouge (>= 1.7, < 3)
      safe_yaml (~> 1.0)
    jekyll-coffeescript (1.1.0)
      coffee-script (~> 2.2)
      coffee-script-source (~> 1.11.1)
    jekyll-feed (0.9.2)
      jekyll (~> 3.3)
    jekyll-paginate (1.1.0)
    jekyll-sass-converter (1.5.1)
      sass (~> 3.4)
    jekyll-sitemap (1.1.1)
      jekyll (~> 3.3)
    jekyll-tagging (1.1.0)
      nuggets
    jekyll-tagging-related_posts (1.0.0)
      jekyll (~> 3.0)
      jekyll-tagging (~> 1.0)
    jekyll-toc (0.5.0)
      nokogiri (~> 1.6)
    jekyll-watch (1.5.1)
      listen (~> 3.0)
    jemoji (0.9.0)
      activesupport (~> 4.0, >= 4.2.9)
      gemoji (~> 3.0)
      html-pipeline (~> 2.2)
      jekyll (~> 3.0)
    kramdown (1.16.2)
    liquid (4.0.0)
    listen (3.1.5)
      rb-fsevent (~> 0.9, >= 0.9.4)
      rb-inotify (~> 0.9, >= 0.9.7)
      ruby_dep (~> 1.2)
    mercenary (0.3.6)
    method_source (0.9.0)
    mini_portile2 (2.3.0)
    minitest (5.10.3)
    nokogiri (1.8.1)
      mini_portile2 (~> 2.3.0)
    nuggets (1.5.0)
    pathutil (0.16.1)
      forwardable-extended (~> 2.6)
    pry (0.11.3)
      coderay (~> 1.1.0)
      method_source (~> 0.9.0)
    public_suffix (3.0.1)
    rake (12.3.0)
    rb-fsevent (0.10.2)
    rb-inotify (0.9.10)
      ffi (>= 0.5.0, < 2)
    rouge (2.2.1)
    ruby_dep (1.5.0)
    safe_yaml (1.0.4)
    sass (3.5.4)
      sass-listen (~> 4.0.0)
    sass-listen (4.0.0)
      rb-fsevent (~> 0.9, >= 0.9.4)
      rb-inotify (~> 0.9, >= 0.9.7)
    thread_safe (0.3.6)
    tzinfo (1.2.4)
      thread_safe (~> 0.1)

PLATFORMS
  ruby

DEPENDENCIES
  jekyll
  jekyll-coffeescript
  jekyll-compose!
  jekyll-feed
  jekyll-paginate
  jekyll-sitemap
  jekyll-tagging
  jekyll-tagging-related_posts
  jekyll-toc (= 0.5.0)
  jemoji
  pry
  rake


BUNDLED WITH
   1.16.0
